GEM
  remote: https://rubygems.org/
  specs:
    addressable (2.3.6)
    faraday (0.9.0)
      multipart-post (>= 1.2, < 3)
    json (2.3.0)
    multipart-post (2.0.0)
    mustermann (2.0.2)
      ruby2_keywords (~> 0.0.1)
    octokit (3.0.0)
      sawyer (~> 0.5.3)
    rack (2.2.6.2)
    rack-protection (2.2.3)
      rack
    ruby2_keywords (0.0.5)
    sawyer (0.5.4)
      addressable (~> 2.3.5)
      faraday (~> 0.8, < 0.10)
    shotgun (0.9)
      rack (>= 1.0)
    sinatra (2.2.3)
      mustermann (~> 2.0)
      rack (~> 2.2)
      rack-protection (= 2.2.3)
      tilt (~> 2.0)
    tilt (2.1.0)

PLATFORMS
  ruby

DEPENDENCIES
  json (~> 2.3)
  octokit (~> 3.0)
  shotgun
  sinatra (~> 2.2.3)

BUNDLED WITH
   1.11.2
