GEM
  remote: https://rubygems.org/
  specs:
    activesupport (7.0.4.1)
      concurrent-ruby (~> 1.0, >= 1.0.2)
      i18n (>= 1.6, < 2)
      minitest (>= 5.1)
      tzinfo (~> 2.0)
    addressable (2.5.2)
      public_suffix (>= 2.0.2, < 4.0)
    concurrent-ruby (1.1.10)
    faraday (0.13.1)
      multipart-post (>= 1.2, < 3)
    i18n (1.12.0)
      concurrent-ruby (~> 1.0)
    json (2.1.0)
    minitest (5.17.0)
    multipart-post (2.0.0)
    octokit (4.7.0)
      sawyer (~> 0.8.0, >= 0.5.3)
    public_suffix (3.0.0)
    rack (1.6.13)
    rack-protection (1.5.5)
      rack
    sawyer (0.8.1)
      addressable (>= 2.3.5, < 2.6)
      faraday (~> 0.8, < 1.0)
    sinatra (1.4.8)
      rack (~> 1.5)
      rack-protection (~> 1.4)
      tilt (>= 1.3, < 3)
    sinatra_auth_github (1.2.0)
      sinatra (~> 1.0)
      warden-github (~> 1.2.0)
    tilt (2.0.8)
    tzinfo (2.0.5)
      concurrent-ruby (~> 1.0)
    warden (1.2.7)
      rack (>= 1.0)
    warden-github (1.2.0)
      activesupport (> 3.0)
      octokit (> 2.1.0)
      warden (> 1.0)

PLATFORMS
  ruby

DEPENDENCIES
  json (~> 2.1.0)
  octokit (~> 4.7.0)
  sinatra (~> 1.4.8)
  sinatra_auth_github (~> 1.2.0)

BUNDLED WITH
   1.15.4
