GEM
  remote: http://rubygems.org/
  specs:
    json (1.8.3)
    mime-types (1.21)
    rack (1.5.2)
    rack-protection (1.3.2)
      rack
    rest-client (1.6.7)
      mime-types (>= 1.16)
    sinatra (1.3.5)
      rack (~> 1.4)
      rack-protection (~> 1.3)
      tilt (~> 1.3, >= 1.3.3)
    tilt (1.3.3)

PLATFORMS
  ruby

DEPENDENCIES
  json (~> 1.8)
  rest-client (~> 1.6.3)
  sinatra (~> 1.3.5)

BUNDLED WITH
   1.10.6
