GEM
  remote: http://rubygems.org/
  specs:
    json (1.8.3)
    rack (1.6.13)
    rack-protection (1.5.2)
      rack
    sinatra (1.3.6)
      rack (~> 1.4)
      rack-protection (~> 1.3)
      tilt (~> 1.3, >= 1.3.3)
    tilt (1.4.1)

PLATFORMS
  ruby

DEPENDENCIES
  json (~> 1.8)
  sinatra (~> 1.3.5)

BUNDLED WITH
   1.11.2
