GEM
  remote: http://rubygems.org/
  specs:
    json (1.7.7)
    rack (1.5.2)
    rack-protection (1.5.2)
      rack
    sinatra (1.3.6)
      rack (~> 1.4)
      rack-protection (~> 1.3)
      tilt (~> 1.3, >= 1.3.3)
    tilt (1.4.1)

PLATFORMS
  ruby

DEPENDENCIES
  json (= 1.7.7)
  sinatra (~> 1.3.5)
