GEM
  remote: http://rubygems.org/
  specs:
    addressable (2.3.6)
    faraday (0.9.0)
      multipart-post (>= 1.2, < 3)
    json (1.8.3)
    multipart-post (2.0.0)
    octokit (3.0.0)
      sawyer (~> 0.5.3)
    rack (1.5.2)
    rack-protection (1.5.2)
      rack
    sawyer (0.5.4)
      addressable (~> 2.3.5)
      faraday (~> 0.8, < 0.10)
    shotgun (0.9)
      rack (>= 1.0)
    sinatra (1.3.6)
      rack (~> 1.4)
      rack-protection (~> 1.3)
      tilt (~> 1.3, >= 1.3.3)
    tilt (1.4.1)

PLATFORMS
  ruby

DEPENDENCIES
  json (~> 1.8)
  octokit (~> 3.0)
  shotgun
  sinatra (~> 1.3.5)

BUNDLED WITH
   1.11.2
